GEM
  remote: https://rubygems.org/
  specs:
    axiom-types (0.1.1)
      descendants_tracker (~> 0.0.4)
      ice_nine (~> 0.11.0)
      thread_safe (~> 0.3, >= 0.3.1)
    bigdecimal (3.1.4)
    coercible (1.0.0)
      descendants_tracker (~> 0.0.1)
    concurrent-ruby (1.2.2)
    declarative (0.0.20)
    descendants_tracker (0.0.4)
      thread_safe (~> 0.3, >= 0.3.1)
    discordrb (3.5.0)
      discordrb-webhooks (~> 3.5.0)
      ffi (>= 1.9.24)
      opus-ruby
      rest-client (>= 2.0.0)
      websocket-client-simple (>= 0.3.0)
    discordrb-webhooks (3.5.0)
      rest-client (>= 2.0.0)
    domain_name (0.5.20190701)
      unf (>= 0.0.5, < 1.0.0)
    equalizer (0.0.11)
    event_emitter (0.2.6)
    faraday (0.17.6)
      multipart-post (>= 1.2, < 3)
    faraday_middleware (0.14.0)
      faraday (>= 0.7.4, < 1.0)
    ffi (1.16.3)
    geocoder (1.8.2)
    http-accept (1.7.0)
    http-cookie (1.0.5)
      domain_name (~> 0.5)
    ice_nine (0.11.2)
    json (2.6.3)
    mime-types (3.5.1)
      mime-types-data (~> 3.2015)
    mime-types-data (3.2023.1003)
    mtg_sdk (3.2.1)
      faraday_middleware (~> 0.10)
      json (~> 2.0)
      multi_json (~> 1.12)
      multi_xml (~> 0.5)
      roar (~> 1.0)
      virtus (~> 1.0)
    multi_json (1.15.0)
    multi_xml (0.6.0)
    multipart-post (2.3.0)
    netrc (0.11.0)
    opus-ruby (1.0.1)
      ffi
    representable (3.2.0)
      declarative (< 0.1.0)
      trailblazer-option (>= 0.1.1, < 0.2.0)
      uber (< 0.2.0)
    require_all (3.0.0)
    rest-client (2.1.0)
      http-accept (>= 1.7.0, < 2.0)
      http-cookie (>= 1.0.2, < 2.0)
      mime-types (>= 1.16, < 4.0)
      netrc (~> 0.8)
    roar (1.2.0)
      representable (~> 3.1)
    sequel (5.74.0)
      bigdecimal
    sqlite3 (1.6.8-x86_64-linux)
    thread_safe (0.3.6)
    trailblazer-option (0.1.2)
    tzinfo (2.0.6)
      concurrent-ruby (~> 1.0)
    tzinfo-data (1.2023.3)
      tzinfo (>= 1.0.0)
    uber (0.1.0)
    unf (0.1.4)
      unf_ext
    unf_ext (0.0.9)
    virtus (1.0.5)
      axiom-types (~> 0.1)
      coercible (~> 1.0)
      descendants_tracker (~> 0.0, >= 0.0.3)
      equalizer (~> 0.0, >= 0.0.9)
    websocket (1.2.10)
    websocket-client-simple (0.8.0)
      event_emitter
      websocket

PLATFORMS
  x86_64-linux

DEPENDENCIES
  discordrb
  geocoder
  mtg_sdk
  require_all
  sequel
  sqlite3
  tzinfo
  tzinfo-data

BUNDLED WITH
   2.4.22
